GEM
  remote: http://rubygems.org/
  specs:
    addressable (2.3.5)
    adsf (1.2.0)
      rack (>= 1.0.0)
    builder (3.2.2)
    colored (1.2)
    cri (2.4.1)
      colored (>= 1.2)
    css_parser (1.2.6)
      addressable
      rdoc
    deadweight (0.2.2)
      css_parser (~> 1.2.6)
      nokogiri
    erubis (2.7.0)
    json (1.8.1)
    kramdown (1.2.0)
    mini_portile (0.5.2)
    nanoc (3.6.6)
      cri (~> 2.3)
    nokogiri (1.6.0)
      mini_portile (~> 0.5.0)
    rack (1.5.2)
    rdoc (4.0.1)
      json (~> 1.4)
    rubypants (0.2.0)
    sass (3.2.12)
    systemu (2.6.0)
    typogruby (1.0.16)
      rubypants

PLATFORMS
  ruby

DEPENDENCIES
  adsf
  builder
  deadweight
  erubis
  kramdown
  nanoc
  sass
  systemu
  typogruby
