GEM
  remote: http://rubygems.org/
  specs:
    builder (3.0.0)
    colored (1.2)
    cri (2.3.0)
      colored (>= 1.2)
    deadweight (0.2.1)
      nokogiri
    erubis (2.7.0)
    kramdown (0.13.7)
    nanoc (3.4.0)
      cri (~> 2.2)
    nokogiri (1.5.5)
    rubypants (0.2.0)
    systemu (2.5.2)
    typogruby (1.0.15)
      rubypants

PLATFORMS
  ruby

DEPENDENCIES
  builder
  deadweight
  erubis
  kramdown
  nanoc
  systemu
  typogruby
